GIT
  remote: https://snovviee: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@github.com/snovviee/dmarket_api
  revision: bf6bb1f2255918b2b61832f5b0bd7611352a7bc8
  specs:
    dmarket_api (0.1.2)
      ed25519 (~> 1.3.0)
      faraday (~> 2.7.2)

GIT
  remote: https://snovviee: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@github.com/snovviee/market_api
  revision: b4fce74d05a6459cfe4cdd51699d973cd7990cf4
  specs:
    market_api (0.2.1)

GIT
  remote: https://snovviee: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@github.com/snovviee/steam-trade
  revision: 2319621e1d1365d65fbdf78676662632c6432ee8
  specs:
    steam-trade (0.3.2)
      mechanize (~> 2.7, >= 2.7.0)

GEM
  remote: https://rubygems.org/
  specs:
    activesupport (7.0.4.3)
      concurrent-ruby (~> 1.0, >= 1.0.2)
      i18n (>= 1.6, < 2)
      minitest (>= 5.1)
      tzinfo (~> 2.0)
    addressable (2.8.4)
      public_suffix (>= 2.0.2, < 6.0)
    byebug (11.1.3)
    concurrent-ruby (1.2.2)
    connection_pool (2.4.1)
    domain_name (0.5.20190701)
      unf (>= 0.0.5, < 1.0.0)
    ed25519 (1.3.0)
    faraday (2.7.7)
      faraday-net_http (>= 2.0, < 3.1)
      ruby2_keywords (>= 0.0.4)
    faraday-net_http (3.0.2)
    http-cookie (1.0.5)
      domain_name (~> 0.5)
    i18n (1.14.1)
      concurrent-ruby (~> 1.0)
    mechanize (2.9.1)
      addressable (~> 2.8)
      domain_name (~> 0.5, >= 0.5.20190701)
      http-cookie (~> 1.0, >= 1.0.3)
      mime-types (~> 3.0)
      net-http-digest_auth (~> 1.4, >= 1.4.1)
      net-http-persistent (>= 2.5.2, < 5.0.dev)
      nokogiri (~> 1.11, >= 1.11.2)
      rubyntlm (~> 0.6, >= 0.6.3)
      webrick (~> 1.7)
      webrobots (~> 0.1.2)
    mime-types (3.4.1)
      mime-types-data (~> 3.2015)
    mime-types-data (3.2023.0218.1)
    mini_portile2 (2.8.2)
    minitest (5.18.1)
    net-http-digest_auth (1.4.1)
    net-http-persistent (4.0.2)
      connection_pool (~> 2.2)
    nokogiri (1.15.2)
      mini_portile2 (~> 2.8.2)
      racc (~> 1.4)
    public_suffix (5.0.1)
    racc (1.7.1)
    ruby2_keywords (0.0.5)
    rubyntlm (0.6.3)
    tzinfo (2.0.6)
      concurrent-ruby (~> 1.0)
    unf (0.1.4)
      unf_ext
    unf_ext (0.0.8.2)
    webrick (1.8.1)
    webrobots (0.1.2)

PLATFORMS
  ruby

DEPENDENCIES
  activesupport (~> 7.0.4.3)
  byebug
  dmarket_api!
  market_api!
  steam-trade!

RUBY VERSION
   ruby 2.7.3p183

BUNDLED WITH
   2.1.4
